GIT
  remote: https://github.com/bethesque/conventional-changelog-ruby.git
  revision: 303b4277a64371d01e43754dfd5f47eee42ccd79
  ref: feat/pact-foundation
  specs:
    conventional-changelog (1.3.0)

GEM
  remote: https://rubygems.org/
  specs:
    diff-lcs (1.3)
    rack (2.2.3)
    rack-test (1.1.0)
      rack (>= 1.0, < 3)
    rake (13.0.1)
    rspec (3.8.0)
      rspec-core (~> 3.8.0)
      rspec-expectations (~> 3.8.0)
      rspec-mocks (~> 3.8.0)
    rspec-core (3.8.2)
      rspec-support (~> 3.8.0)
    rspec-expectations (3.8.4)
      diff-lcs (>= 1.2.0, < 2.0)
      rspec-support (~> 3.8.0)
    rspec-its (1.3.0)
      rspec-core (>= 3.0.0)
      rspec-expectations (>= 3.0.0)
    rspec-mocks (3.8.1)
      diff-lcs (>= 1.2.0, < 2.0)
      rspec-support (~> 3.8.0)
    rspec-support (3.8.2)

PLATFORMS
  ruby

DEPENDENCIES
  conventional-changelog!
  rack-test
  rake (~> 13.0)
  rspec (~> 3.7)
  rspec-its (~> 1.2)

BUNDLED WITH
   2.1.4
